GEM
  remote: https://rubygems.org/
  specs:
    Ascii85 (1.0.3)
    afm (0.2.2)
    archive-zip (0.12.0)
      io-like (~> 0.3.0)
    byebug (11.1.1)
    childprocess (3.0.0)
    ffi (1.12.2)
    ffi (1.12.2-x64-mingw32)
    geckodriver-helper (0.24.0)
      archive-zip (~> 0.7)
    hashery (2.1.2)
    humanize (2.4.2)
    io-like (0.3.1)
    mini_portile2 (2.4.0)
    nokogiri (1.10.9)
      mini_portile2 (~> 2.4.0)
    nokogiri (1.10.9-x64-mingw32)
      mini_portile2 (~> 2.4.0)
    pdf-reader (2.4.0)
      Ascii85 (~> 1.0.0)
      afm (~> 0.2.1)
      hashery (~> 2.0)
      ruby-rc4
      ttfunk
    rtesseract (3.1.1)
    ruby-rc4 (0.1.5)
    rubyzip (2.3.0)
    selenium-webdriver (3.142.7)
      childprocess (>= 0.5, < 4.0)
      rubyzip (>= 1.2.2)
    ttfunk (1.6.2.1)

PLATFORMS
  ruby
  x64-mingw32

DEPENDENCIES
  byebug (~> 11.1)
  ffi (~> 1.12)
  geckodriver-helper (~> 0.24.0)
  humanize
  nokogiri (~> 1.10)
  pdf-reader (~> 2.4)
  rtesseract
  selenium-webdriver (~> 3.142)

BUNDLED WITH
   1.17.3
